STORAGE: NONE
RESTRICTION: == net9.0
NUGET
  remote: https://api.nuget.org/v3/index.json
    HarfBuzzSharp (8.3.0.1)
      HarfBuzzSharp.NativeAssets.macOS (>= 8.3.0.1)
      HarfBuzzSharp.NativeAssets.Win32 (>= 8.3.0.1)
    HarfBuzzSharp.NativeAssets.macOS (8.3.0.1)
    HarfBuzzSharp.NativeAssets.WebAssembly (8.3.0.1)
    HarfBuzzSharp.NativeAssets.Win32 (8.3.0.1)
    Microsoft.AspNetCore.Authorization (9.0.1)
      Microsoft.AspNetCore.Metadata (>= 9.0.1)
      Microsoft.Extensions.Logging.Abstractions (>= 9.0.1)
      Microsoft.Extensions.Options (>= 9.0.1)
    Microsoft.AspNetCore.Components (9.0.1)
      Microsoft.AspNetCore.Authorization (>= 9.0.1)
      Microsoft.AspNetCore.Components.Analyzers (>= 9.0.1)
    Microsoft.AspNetCore.Components.Analyzers (9.0.1)
    Microsoft.AspNetCore.Components.Forms (9.0.1)
      Microsoft.AspNetCore.Components (>= 9.0.1)
    Microsoft.AspNetCore.Components.Web (9.0.1)
      Microsoft.AspNetCore.Components (>= 9.0.1)
      Microsoft.AspNetCore.Components.Forms (>= 9.0.1)
      Microsoft.Extensions.DependencyInjection (>= 9.0.1)
      Microsoft.Extensions.Primitives (>= 9.0.1)
      Microsoft.JSInterop (>= 9.0.1)
    Microsoft.AspNetCore.Metadata (9.0.1)
    Microsoft.Extensions.DependencyInjection (9.0.1)
      Microsoft.Extensions.DependencyInjection.Abstractions (>= 9.0.1)
    Microsoft.Extensions.DependencyInjection.Abstractions (9.0.1)
    Microsoft.Extensions.Logging.Abstractions (9.0.1)
      Microsoft.Extensions.DependencyInjection.Abstractions (>= 9.0.1)
    Microsoft.Extensions.Options (9.0.1)
      Microsoft.Extensions.DependencyInjection.Abstractions (>= 9.0.1)
      Microsoft.Extensions.Primitives (>= 9.0.1)
    Microsoft.Extensions.Primitives (9.0.1)
    Microsoft.JSInterop (9.0.1)
    OxyPlot.Core (2.2) - restriction: && (== net9.0) (== netstandard2.0)
    OxyPlot.SkiaSharp (2.2) - restriction: && (== net9.0) (== netstandard2.0)
    SkiaSharp (3.116.1)
      SkiaSharp.NativeAssets.macOS (>= 3.116.1)
      SkiaSharp.NativeAssets.Win32 (>= 3.116.1)
    SkiaSharp.HarfBuzz (3.116.1)
      HarfBuzzSharp (>= 8.3.0.1)
      SkiaSharp (>= 3.116.1)
    SkiaSharp.NativeAssets.macOS (3.116.1)
    SkiaSharp.NativeAssets.WebAssembly (3.116.1)
    SkiaSharp.NativeAssets.Win32 (3.116.1)
    SkiaSharp.Views.Blazor (3.116.1)
      Microsoft.AspNetCore.Components.Web (>= 8.0)
      SkiaSharp (>= 3.116.1)
      SkiaSharp.NativeAssets.WebAssembly (>= 3.116.1)
